PATH
  remote: .
  specs:
    ssync (0.3.3)
      aws-s3 (~> 0.6.2)
      thor (~> 0.14.4)

GEM
  remote: http://rubygems.org/
  specs:
    aws-s3 (0.6.2)
      builder
      mime-types
      xml-simple
    builder (2.1.2)
    mime-types (1.16)
    thor (0.14.4)
    xml-simple (1.0.12)

PLATFORMS
  ruby

DEPENDENCIES
  aws-s3 (~> 0.6.2)
  ssync!
  thor (~> 0.14.4)
